PATH
  remote: .
  specs:
    module_ext (0.0.1)

GEM
  remote: http://rubygems.org/
  specs:

PLATFORMS
  ruby

DEPENDENCIES
  module_ext!
